PATH
  remote: .
  specs:
    nod (0.0.4)
      bundler (~> 1.0.21)
      gems (~> 0.7.0)
      grit (~> 2.5.0)
      nokogiri (~> 1.5.5)

GEM
  remote: http://rubygems.org/
  specs:
    diff-lcs (1.1.3)
    gems (0.7.0)
    grit (2.5.0)
      diff-lcs (~> 1.1)
      mime-types (~> 1.15)
      posix-spawn (~> 0.3.6)
    mime-types (1.19)
    nokogiri (1.5.5)
    posix-spawn (0.3.6)
    rake (0.9.2.2)

PLATFORMS
  ruby

DEPENDENCIES
  nod!
  rake (~> 0.9.2)
