GIT
  remote: git@github.com:App47/active_directory.git
  revision: 2f36675944f42d8fa141d557bb846da338d3f3aa
  specs:
    active_directory (1.0.1a)
      ruby-net-ldap (= 0.0.4)

GEM
  remote: http://rubygems.org/
  specs:
    CFPropertyList (2.0.17)
      libxml-ruby (>= 1.1.0)
      rake (>= 0.7.0)
    activemodel (3.2.2)
      activesupport (= 3.2.2)
      builder (~> 3.0.0)
    activesupport (3.2.2)
      i18n (~> 0.6)
      multi_json (~> 1.0)
    bson (1.6.1)
    bson_ext (1.6.1)
      bson (~> 1.6.1)
    builder (3.0.0)
    class_loader (0.4.15)
    ffi (1.1.0)
    growl (1.0.3)
    guard (1.2.3)
      listen (>= 0.4.2)
      thor (>= 0.14.6)
    guard-test (0.5.0)
      guard (>= 1.1.0)
      test-unit (~> 2.2)
    haml (3.1.2)
    i18n (0.6.0)
    json (1.6.5)
    libxml-ruby (2.2.2)
    listen (0.4.7)
      rb-fchange (~> 0.0.5)
      rb-fsevent (~> 0.9.1)
      rb-inotify (~> 0.8.8)
    mail (2.4.3)
      i18n (>= 0.4.0)
      mime-types (~> 1.16)
      treetop (~> 1.4.8)
    metaclass (0.0.1)
    mime (0.1)
    mime-types (1.17.2)
    mimetype-fu (0.1.2)
    mocha (0.10.5)
      metaclass (~> 0.0.1)
    mongo (1.6.1)
      bson (~> 1.6.1)
    mongoid (2.4.6)
      activemodel (~> 3.1)
      mongo (~> 1.3)
      tzinfo (~> 0.3.22)
    multi_json (1.1.0)
    net-ldap (0.3.1)
    polyglot (0.3.3)
    rack (1.4.1)
    rack-protection (1.2.0)
      rack
    rake (0.9.2.2)
    rb-fchange (0.0.5)
      ffi
    rb-fsevent (0.9.1)
    rb-inotify (0.8.8)
      ffi (>= 0.5.0)
    redis (2.2.2)
    redis-namespace (1.0.3)
      redis (< 3.0.0)
    resque (1.20.0)
      multi_json (~> 1.0)
      redis-namespace (~> 1.0.2)
      sinatra (>= 0.9.2)
      vegas (~> 0.1.2)
    right_aws (3.0.3)
      right_http_connection (>= 1.2.5)
    right_http_connection (1.3.0)
    ruby-gmail (0.2.1)
      mail (>= 2.2.1)
      shared-mime-info
    ruby-ldap (0.9.12)
    ruby-net-ldap (0.0.4)
    rubyzip (0.9.6.1)
    shared-mime-info (0.1)
    shoulda (3.0.1)
      shoulda-context (~> 1.0.0)
      shoulda-matchers (~> 1.0.0)
    shoulda-context (1.0.0)
    shoulda-matchers (1.0.0)
    simplecov (0.6.1)
      multi_json (~> 1.0)
      simplecov-html (~> 0.5.3)
    simplecov-html (0.5.3)
    sinatra (1.3.2)
      rack (~> 1.3, >= 1.3.6)
      rack-protection (~> 1.2)
      tilt (~> 1.3, >= 1.3.3)
    test-unit (2.4.8)
    thor (0.15.4)
    tilt (1.3.3)
    treetop (1.4.10)
      polyglot
      polyglot (>= 0.3.1)
    tzinfo (0.3.32)
    vegas (0.1.11)
      rack (>= 1.0.0)
    work_queue (2.0.1)

PLATFORMS
  ruby

DEPENDENCIES
  CFPropertyList
  active_directory!
  activesupport
  bson_ext
  class_loader (= 0.4.15)
  growl
  guard-test
  haml
  i18n
  json
  mail
  mime
  mimetype-fu
  mocha
  mongo (>= 1.6.0)
  mongoid (~> 2.4)
  net-ldap
  rake
  resque
  right_aws
  ruby-gmail
  ruby-ldap
  rubyzip
  shoulda
  shoulda-context
  simplecov
  test-unit
  work_queue
